GEM
  remote: https://rubygems.org/
  specs:
    ashton (0.1.6)
      gosu (~> 0.7)
      opengl (~> 0.9.0)
    chingu (0.8.1)
      crack
      gosu (>= 0.7.25)
      rest-client
    chipmunk (6.1.3.4)
    conject (0.1.8)
    crack (0.4.3)
      safe_yaml (~> 1.0.0)
    cri (2.1.0)
    domain_name (0.5.20160310)
      unf (>= 0.0.5, < 1.0.0)
    faster_xml_simple (0.5.0)
      libxml-ruby (>= 0.3.8.4)
    ffi (1.9.10)
    gamebox (0.5.5)
      conject (>= 0.0.8)
      gosu
      i18n
      kvo (>= 0.1.0)
      listen (>= 2.4.0)
      publisher
      require_all
      thor
      tween
    gosu (0.10.7)
    gosu-examples (1.0.3)
      gosu (>= 0.9.0)
    http-cookie (1.0.2)
      domain_name (~> 0.5)
    httpclient (2.8.0)
    i18n (0.7.0)
    json (1.8.3)
    kvo (0.1.0)
      publisher
    libxml-ruby (2.8.0)
    listen (3.1.1)
      rb-fsevent (>= 0.9.3)
      rb-inotify (>= 0.9.7)
    mime-types (2.99.1)
    mini_portile2 (2.0.0)
    net-github-upload (0.0.8)
      faster_xml_simple
      httpclient
      json
      nokogiri (>= 1.4.0)
    netrc (0.11.0)
    nokogiri (1.6.7.2)
      mini_portile2 (~> 2.0.0.rc2)
    ocra (1.3.6)
    opengl (0.9.2)
    publisher (1.1.2)
    rake (0.9.2.2)
    rb-fsevent (0.9.7)
    rb-inotify (0.9.7)
      ffi (>= 0.5.0)
    releasy (0.2.2)
      cri (~> 2.1.0)
      net-github-upload (~> 0.0.8)
      ocra (~> 1.3.0)
      rake (~> 0.9.2.2)
      thor (~> 0.14.6)
    require_all (1.3.3)
    rest-client (1.8.0)
      http-cookie (>= 1.0.2, < 2.0)
      mime-types (>= 1.16, < 3.0)
      netrc (~> 0.7)
    rmagick (2.15.4)
    safe_yaml (1.0.4)
    texplay (0.4.4.pre)
      gosu (>= 0.7.25)
    thor (0.14.6)
    tween (0.1.2)
    unf (0.1.4)
      unf_ext
    unf_ext (0.0.7.2)

PLATFORMS
  ruby

DEPENDENCIES
  ashton (~> 0.1.6)
  chingu (~> 0.8.1)
  chipmunk (~> 6.1, >= 6.1.3.4)
  gamebox (~> 0.5.5)
  gosu (~> 0.10.7)
  gosu-examples (~> 1.0, >= 1.0.3)
  opengl (~> 0.9.2)
  releasy (~> 0.2.2)
  rmagick (~> 2.15, >= 2.15.4)
  texplay (~> 0.4.4.pre)

BUNDLED WITH
   1.11.2
